GEM
  remote: https://rubygems.org/
  specs:
    addressable (2.4.0)
    bourbon (4.3.3)
      sass (~> 3.4)
      thor (~> 0.19)
    colorator (0.1)
    ffi (1.9.17)
    jekyll (3.1.6)
      colorator (~> 0.1)
      jekyll-sass-converter (~> 1.0)
      jekyll-watch (~> 1.1)
      kramdown (~> 1.3)
      liquid (~> 3.0)
      mercenary (~> 0.3.3)
      rouge (~> 1.7)
      safe_yaml (~> 1.0)
    jekyll-feed (0.7.2)
    jekyll-sass-converter (1.5.0)
      sass (~> 3.4)
    jekyll-sitemap (0.11.0)
      addressable (~> 2.4.0)
    jekyll-watch (1.5.0)
      listen (~> 3.0, < 3.1)
    kramdown (1.13.2)
    liquid (3.0.6)
    listen (3.0.8)
      rb-fsevent (~> 0.9, >= 0.9.4)
      rb-inotify (~> 0.9, >= 0.9.7)
    mercenary (0.3.6)
    neat (2.0.0)
      sass (~> 3.4)
      thor (~> 0.19)
    rake (12.0.0)
    rb-fsevent (0.9.8)
    rb-inotify (0.9.8)
      ffi (>= 0.5.0)
    rouge (1.11.1)
    safe_yaml (1.0.4)
    sass (3.4.23)
    thor (0.19.4)

PLATFORMS
  ruby

DEPENDENCIES
  bourbon
  jekyll (~> 3.1.6)
  jekyll-feed
  jekyll-sitemap
  neat
  rake
  rouge
  sass

BUNDLED WITH
   1.14.5
